GEM
  remote: https://rubygems.org/
  specs:
    addressable (2.8.6)
      public_suffix (>= 2.0.2, < 6.0)
    ansi (1.5.0)
    ast (2.4.2)
    bosh_common (1.3262.24.0)
      logging (~> 1.8.2)
      semi_semantic (~> 1.2.0)
    bosh_cpi (2.5.0)
      httpclient (~> 2.8.3)
      membrane (~> 1.1.0)
    builder (3.2.4)
    byebug (11.1.3)
    coderay (1.1.3)
    diff-lcs (1.5.1)
    docile (1.4.0)
    ethon (0.16.0)
      ffi (>= 1.15.0)
    fakefs (2.5.0)
    ffi (1.16.3)
    httpclient (2.8.3)
    little-plugger (1.1.4)
    logging (1.8.2)
      little-plugger (>= 1.1.3)
      multi_json (>= 1.8.4)
    membrane (1.1.0)
    method_source (1.1.0)
    mini_portile2 (2.8.6)
    mono_logger (1.1.2)
    multi_json (1.15.0)
    netaddr (2.0.6)
    nokogiri (1.16.5)
      mini_portile2 (~> 2.8.2)
      racc (~> 1.4)
    nokogiri (1.16.5-arm64-darwin)
      racc (~> 1.4)
    nokogiri (1.16.5-x86_64-darwin)
      racc (~> 1.4)
    nokogiri (1.16.5-x86_64-linux)
      racc (~> 1.4)
    oga (2.3)
      ast
      ruby-ll (~> 2.1)
    parallel (1.24.0)
    parallel_tests (4.7.1)
      parallel
    pry (0.14.2)
      coderay (~> 1.1)
      method_source (~> 1.0)
    pry-byebug (3.10.1)
      byebug (~> 11.0)
      pry (>= 0.13, < 0.15)
    public_suffix (5.0.5)
    racc (1.8.0)
    rack (2.2.9)
    rake (13.2.1)
    rspec (3.13.0)
      rspec-core (~> 3.13.0)
      rspec-expectations (~> 3.13.0)
      rspec-mocks (~> 3.13.0)
    rspec-core (3.13.0)
      rspec-support (~> 3.13.0)
    rspec-expectations (3.13.0)
      diff-lcs (>= 1.2.0, < 2.0)
      rspec-support (~> 3.13.0)
    rspec-its (1.3.0)
      rspec-core (>= 3.0.0)
      rspec-expectations (>= 3.0.0)
    rspec-mocks (3.13.1)
      diff-lcs (>= 1.2.0, < 2.0)
      rspec-support (~> 3.13.0)
    rspec-support (3.13.1)
    ruby-ll (2.1.3)
      ansi
      ast
    semi_semantic (1.2.0)
    simplecov (0.22.0)
      docile (~> 1.1)
      simplecov-html (~> 0.11)
      simplecov_json_formatter (~> 0.1)
    simplecov-html (0.12.3)
    simplecov_json_formatter (0.1.4)
    timecop (0.9.8)
    typhoeus (1.4.1)
      ethon (>= 0.9.0)
    vsphere-automation-cis (0.4.7)
      vsphere-automation-runtime (~> 0.4.6)
    vsphere-automation-runtime (0.4.7)
    vsphere-automation-vcenter (0.4.7)
      vsphere-automation-cis (~> 0.4.6)
      vsphere-automation-runtime (~> 0.4.6)
    webrick (1.8.1)

PLATFORMS
  arm64-darwin
  ruby
  x86_64-darwin-21
  x86_64-linux

DEPENDENCIES
  addressable
  bosh_common (= 1.3262.24.0)
  bosh_cpi (= 2.5.0)
  builder (~> 3.2.3)
  fakefs
  membrane (~> 1.1.0)
  mono_logger (~> 1.1.0)
  netaddr (>= 2.0.4)
  nokogiri
  oga (= 2.3)
  parallel_tests
  pry
  pry-byebug
  rack (< 3.0)
  rake
  rspec
  rspec-its
  simplecov
  timecop
  typhoeus (>= 1.3.1)
  vsphere-automation-cis (~> 0.4.0)
  vsphere-automation-vcenter (~> 0.4.0)
  webrick (~> 1.7)

BUNDLED WITH
   2.3.27
