GEM
  remote: https://rubygems.org/
  specs:
    ansi (1.5.0)
    ast (2.3.0)
    bosh_common (1.3262.24.0)
      logging (~> 1.8.2)
      semi_semantic (~> 1.2.0)
    bosh_cpi (2.4.1)
      httpclient (~> 2.8.3)
      membrane (~> 1.1.0)
    builder (3.2.3)
    byebug (9.0.6)
    coderay (1.1.1)
    diff-lcs (1.3)
    docile (1.1.5)
    fakefs (0.11.0)
    httpclient (2.8.3)
    json (2.1.0)
    little-plugger (1.1.4)
    logging (1.8.2)
      little-plugger (>= 1.1.3)
      multi_json (>= 1.8.4)
    membrane (1.1.0)
    method_source (0.8.2)
    mini_portile2 (2.3.0)
    mono_logger (1.1.0)
    multi_json (1.12.1)
    nokogiri (1.8.2)
      mini_portile2 (~> 2.3.0)
    oga (2.3)
      ast
      ruby-ll (~> 2.1)
    parallel (1.12.0)
    parallel_tests (2.14.2)
      parallel
    pry (0.10.4)
      coderay (~> 1.1.0)
      method_source (~> 0.8.1)
      slop (~> 3.4)
    pry-byebug (3.4.2)
      byebug (~> 9.0)
      pry (~> 0.10)
    rack (2.0.3)
    rake (10.5.0)
    rspec (3.5.0)
      rspec-core (~> 3.5.0)
      rspec-expectations (~> 3.5.0)
      rspec-mocks (~> 3.5.0)
    rspec-core (3.5.4)
      rspec-support (~> 3.5.0)
    rspec-expectations (3.5.0)
      diff-lcs (>= 1.2.0, < 2.0)
      rspec-support (~> 3.5.0)
    rspec-instafail (1.0.0)
      rspec
    rspec-its (1.2.0)
      rspec-core (>= 3.0.0)
      rspec-expectations (>= 3.0.0)
    rspec-mocks (3.5.0)
      diff-lcs (>= 1.2.0, < 2.0)
      rspec-support (~> 3.5.0)
    rspec-support (3.5.0)
    ruby-ll (2.1.2)
      ansi
      ast
    semi_semantic (1.2.0)
    simplecov (0.14.1)
      docile (~> 1.1.0)
      json (>= 1.8, < 3)
      simplecov-html (~> 0.10.0)
    simplecov-html (0.10.1)
    slop (3.6.0)
    timecop (0.8.1)

PLATFORMS
  ruby

DEPENDENCIES
  bosh_common (= 1.3262.24.0)
  bosh_cpi (= 2.4.1)
  builder (~> 3.2.3)
  fakefs
  membrane (~> 1.1.0)
  mono_logger (~> 1.1.0)
  nokogiri (~> 1.8.1)
  oga (= 2.3)
  parallel_tests
  pry
  pry-byebug
  rack (~> 2.0.1)
  rake (~> 10.0)
  rspec (~> 3.5.0)
  rspec-instafail
  rspec-its
  simplecov
  timecop (~> 0.8.1)

BUNDLED WITH
   1.16.0
