GEM
  remote: https://rubygems.org/
  specs:
    ansi (1.5.0)
    ast (2.4.0)
    bosh_common (1.3262.24.0)
      logging (~> 1.8.2)
      semi_semantic (~> 1.2.0)
    bosh_cpi (2.5.0)
      httpclient (~> 2.8.3)
      membrane (~> 1.1.0)
    builder (3.2.3)
    byebug (10.0.2)
    coderay (1.1.2)
    diff-lcs (1.3)
    docile (1.3.0)
    ethon (0.11.0)
      ffi (>= 1.3.0)
    fakefs (0.14.1)
    ffi (1.9.23)
    httpclient (2.8.3)
    json (2.1.0)
    little-plugger (1.1.4)
    logging (1.8.2)
      little-plugger (>= 1.1.3)
      multi_json (>= 1.8.4)
    membrane (1.1.0)
    method_source (0.9.0)
    mini_portile2 (2.3.0)
    mono_logger (1.1.0)
    multi_json (1.13.1)
    netaddr (1.5.1)
    nokogiri (1.8.2)
      mini_portile2 (~> 2.3.0)
    oga (2.3)
      ast
      ruby-ll (~> 2.1)
    parallel (1.12.1)
    parallel_tests (2.21.3)
      parallel
    pry (0.11.3)
      coderay (~> 1.1.0)
      method_source (~> 0.9.0)
    pry-byebug (3.6.0)
      byebug (~> 10.0)
      pry (~> 0.10)
    rack (2.0.6)
    rake (10.5.0)
    rspec (3.5.0)
      rspec-core (~> 3.5.0)
      rspec-expectations (~> 3.5.0)
      rspec-mocks (~> 3.5.0)
    rspec-core (3.5.4)
      rspec-support (~> 3.5.0)
    rspec-expectations (3.5.0)
      diff-lcs (>= 1.2.0, < 2.0)
      rspec-support (~> 3.5.0)
    rspec-its (1.2.0)
      rspec-core (>= 3.0.0)
      rspec-expectations (>= 3.0.0)
    rspec-mocks (3.5.0)
      diff-lcs (>= 1.2.0, < 2.0)
      rspec-support (~> 3.5.0)
    rspec-support (3.5.0)
    ruby-ll (2.1.2)
      ansi
      ast
    semi_semantic (1.2.0)
    simplecov (0.16.1)
      docile (~> 1.1)
      json (>= 1.8, < 3)
      simplecov-html (~> 0.10.0)
    simplecov-html (0.10.2)
    timecop (0.8.1)
    typhoeus (1.3.0)
      ethon (>= 0.9.0)

PLATFORMS
  ruby

DEPENDENCIES
  bosh_common (= 1.3262.24.0)
  bosh_cpi (= 2.5.0)
  builder (~> 3.2.3)
  fakefs
  json (~> 2.1, >= 2.1.0)
  membrane (~> 1.1.0)
  mono_logger (~> 1.1.0)
  netaddr (~> 1.5, >= 1.5.1)
  nokogiri (~> 1.8.1)
  oga (= 2.3)
  parallel_tests
  pry
  pry-byebug
  rack (~> 2.0.6)
  rake (~> 10.0)
  rspec (~> 3.5.0)
  rspec-its
  simplecov
  timecop (~> 0.8.1)
  typhoeus (~> 1.0, >= 1.0.1)

BUNDLED WITH
   1.17.1
